GEM
  remote: https://rubygems.org/
  specs:
    bson (4.2.0)
    mongo (2.4.0)
      bson (~> 4.2.0)
    rack (1.6.5)
    rack-protection (1.5.3)
      rack
    sinatra (1.4.7)
      rack (~> 1.5)
      rack-protection (~> 1.4)
      tilt (>= 1.3, < 3)
    tilt (2.0.5)

PLATFORMS
  ruby

DEPENDENCIES
  mongo (~> 2.4)
  sinatra (~> 1.4, >= 1.4.7)

BUNDLED WITH
   1.13.6
